GIT
  remote: https://github.com/ged/ruby-pg.git
  revision: fb465855ce1dd12cf7eb69c92af222052aa956ce
  specs:
    pg (1.3.0.pre20200106132615)

PATH
  remote: .
  specs:
    pg_replication (0.1.0)
      pg

GEM
  remote: https://rubygems.org/
  specs:
    minitest (5.14.0)
    rake (12.3.3)

PLATFORMS
  ruby

DEPENDENCIES
  minitest (~> 5.0)
  pg!
  pg_replication!
  rake (~> 12.0)

BUNDLED WITH
   2.1.4
