GIT
  remote: https://github.com/ged/ruby-pg.git
  revision: 3cc3020fcbf6994e6a9845b05de895a41df316a7
  specs:
    pg (1.3.0.pre20200106132615)

PATH
  remote: .
  specs:
    pg_replication (0.1.0)
      pg

GEM
  remote: https://rubygems.org/
  specs:
    minitest (5.14.3)
    rake (12.3.3)

PLATFORMS
  ruby

DEPENDENCIES
  minitest (~> 5.0)
  pg!
  pg_replication!
  rake (~> 12.0)

BUNDLED WITH
   2.2.7
